GEM
  remote: http://rubygems.org/
  specs:
    pmap (1.0.1)
    rake (10.1.1)

PLATFORMS
  ruby

DEPENDENCIES
  pmap
  rake
